GEM
  remote: http://rubygems.org/
  specs:
    RedCloth (4.2.9)
    bibtex-ruby (2.3.4)
      latex-decode (>= 0.0.6)
      multi_json (~> 1.3)
    chunky_png (1.2.5)
    citeproc-ruby (0.0.6)
      logging (~> 1.5)
      nokogiri (~> 1.5)
    classifier (1.3.3)
      fast-stemmer (>= 1.0.0)
    coderay (1.1.0)
    compass (0.12.2)
      chunky_png (~> 1.2)
      fssm (>= 0.2.7)
      sass (~> 3.1)
    directory_watcher (1.4.1)
    fast-stemmer (1.0.1)
    fssm (0.2.9)
    haml (3.1.7)
    jekyll (0.12.0)
      classifier (~> 1.3)
      directory_watcher (~> 1.1)
      kramdown (~> 0.13.4)
      liquid (~> 2.3)
      maruku (~> 0.5)
      pygments.rb (~> 0.3.2)
    jekyll-scholar (1.1.0)
      bibtex-ruby (~> 2.3)
      citeproc-ruby (~> 0.0.6)
      jekyll (~> 0.10)
    kramdown (0.13.8)
    latex-decode (0.4.0)
    liquid (2.3.0)
    little-plugger (1.1.4)
    logging (1.8.2)
      little-plugger (>= 1.1.3)
      multi_json (>= 1.8.4)
    maruku (0.6.1)
      syntax (>= 1.0.0)
    mini_portile (0.6.2)
    multi_json (1.12.1)
    nokogiri (1.6.6.2)
      mini_portile (~> 0.6.0)
    posix-spawn (0.3.6)
    pygments.rb (0.3.4)
      posix-spawn (~> 0.3.6)
      yajl-ruby (~> 1.1.0)
    rack (1.4.5)
    rack-protection (1.3.2)
      rack
    rake (10.4.2)
    rb-fsevent (0.9.1)
    rubypants (0.2.0)
    sass (3.1.20)
    sass-globbing (1.0.0)
      sass (>= 3.1)
    sinatra (1.3.5)
      rack (~> 1.4)
      rack-protection (~> 1.3)
      tilt (~> 1.3, >= 1.3.3)
    stringex (1.4.0)
    syntax (1.0.0)
    tilt (1.3.3)
    unicode (0.4.4.4)
    yajl-ruby (1.1.0)

PLATFORMS
  ruby

DEPENDENCIES
  RedCloth (~> 4.2.9)
  coderay
  compass (~> 0.12.2)
  haml (~> 3.1.7)
  jekyll (~> 0.12)
  jekyll-scholar (~> 1.1.0)
  kramdown
  liquid (~> 2.3.0)
  rack (~> 1.4.1)
  rake (~> 10.0)
  rb-fsevent (~> 0.9)
  rubypants (~> 0.2.0)
  sass-globbing (~> 1.0.0)
  sinatra (~> 1.3.5)
  stringex (~> 1.4.0)
  unicode (~> 0.4.4.4)

BUNDLED WITH
   1.17.3
